GEM
  remote: https://rubygems.org/
  specs:
    json (2.1.0)
    mustermann (1.0.1)
    rack (2.0.3)
    rack-protection (2.0.0)
      rack
    sinatra (2.0.0)
      mustermann (~> 1.0)
      rack (~> 2.0)
      rack-protection (= 2.0.0)
      tilt (~> 2.0)
    tilt (2.0.8)
    webrick (1.3.1)

PLATFORMS
  ruby

DEPENDENCIES
  json
  sinatra
  webrick

RUBY VERSION
   ruby 2.4.2p198

BUNDLED WITH
   1.15.4
